PATH
  remote: .
  specs:
    textstat (0.1.6)
      text-hyphen (~> 1.4, >= 1.4.1)

GEM
  remote: https://rubygems.org/
  specs:
    diff-lcs (1.3)
    rake (10.5.0)
    rspec (3.8.0)
      rspec-core (~> 3.8.0)
      rspec-expectations (~> 3.8.0)
      rspec-mocks (~> 3.8.0)
    rspec-core (3.8.0)
      rspec-support (~> 3.8.0)
    rspec-expectations (3.8.2)
      diff-lcs (>= 1.2.0, < 2.0)
      rspec-support (~> 3.8.0)
    rspec-mocks (3.8.0)
      diff-lcs (>= 1.2.0, < 2.0)
      rspec-support (~> 3.8.0)
    rspec-support (3.8.0)
    text-hyphen (1.4.1)

PLATFORMS
  ruby

DEPENDENCIES
  bundler (~> 2.0.a)
  rake (~> 10.0)
  rspec (~> 3.0)
  textstat!

BUNDLED WITH
   2.1.4
